GEM
  remote: https://rubygems.org/
  specs:
    cairo (1.16.2)
      native-package-installer (>= 1.0.3)
      pkg-config (>= 1.2.2)
    native-package-installer (1.0.6)
    pkg-config (1.3.3)

PLATFORMS
  ruby

DEPENDENCIES
  cairo

BUNDLED WITH
   1.17.0.pre.2
